GIT
  remote: https://github.com/CMUStudentActivities/concerto-shibboleth-omniauth.git
  revision: 465db937a6c9c7f74a3091d3959c2fcfd9d4c7e0
  specs:
    concerto_omniauth_shibboleth (0.0.1)
      concerto_identity (~> 0)
      omniauth-shibboleth (~> 1)

GEM
  remote: https://rubygems.org/
  specs:
    actionmailer (4.1.12)
      actionpack (= 4.1.12)
      actionview (= 4.1.12)
      mail (~> 2.5, >= 2.5.4)
    actionpack (4.1.12)
      actionview (= 4.1.12)
      activesupport (= 4.1.12)
      rack (~> 1.5.2)
      rack-test (~> 0.6.2)
    actionview (4.1.12)
      activesupport (= 4.1.12)
      builder (~> 3.1)
      erubis (~> 2.7.0)
    activemodel (4.1.12)
      activesupport (= 4.1.12)
      builder (~> 3.1)
    activerecord (4.1.12)
      activemodel (= 4.1.12)
      activesupport (= 4.1.12)
      arel (~> 5.0.0)
    activesupport (4.1.12)
      i18n (~> 0.6, >= 0.6.9)
      json (~> 1.7, >= 1.7.7)
      minitest (~> 5.1)
      thread_safe (~> 0.1)
      tzinfo (~> 1.1)
    addressable (2.3.8)
    airbrake (4.1.0)
      builder
      multi_json
    ansi (1.5.0)
    arel (5.0.1.20140414130214)
    ast (2.1.0)
    attachable (0.0.5)
    autoparse (0.3.3)
      addressable (>= 2.3.1)
      extlib (>= 0.9.15)
      multi_json (>= 1.0.0)
    bcrypt (3.1.10)
    bootstrap-datepicker-rails (1.4.0)
      railties (>= 3.0)
    builder (3.2.2)
    bundler-audit (0.3.1)
      bundler (~> 1.2)
      thor (~> 0.18)
    cancancan (1.10.1)
    capistrano (3.4.0)
      i18n
      rake (>= 10.0.0)
      sshkit (~> 1.3)
    capistrano-bundler (1.1.4)
      capistrano (~> 3.1)
      sshkit (~> 1.2)
    capistrano-passenger (0.1.1)
      capistrano (~> 3.0)
    capistrano-rails (1.1.5)
      capistrano (~> 3.1)
      capistrano-bundler (~> 1.1)
    clockwork (1.2.0)
      activesupport
      tzinfo
    coffee-rails (4.1.0)
      coffee-script (>= 2.2.0)
      railties (>= 4.0.0, < 5.0)
    coffee-script (2.4.1)
      coffee-script-source
      execjs
    coffee-script-source (1.9.1.1)
    colorize (0.7.7)
    concerto_calendar (0.0.8)
      google-api-client
      icalendar
      rails
    concerto_docsplit (0.7.5)
    concerto_frontend (0.2.0)
      rails (~> 4.1.6)
    concerto_hardware (0.6)
      rails
    concerto_identity (0.0.5)
      rails (>= 3.0)
    concerto_iframe (0.0.9)
      rails
    concerto_remote_video (0.7)
      rails
      video_info
    concerto_simple_rss (0.9)
      encryptor
      rails
      ruby-xslt (~> 0.9)
    concerto_weather (0.1.0)
      rails
    connection_pool (1.2.0)
    delayed_job (4.0.6)
      activesupport (>= 3.0, < 5.0)
    delayed_job_active_record (4.0.3)
      activerecord (>= 3.0, < 5.0)
      delayed_job (>= 3.0, < 4.1)
    devise (3.4.1)
      bcrypt (~> 3.0)
      orm_adapter (~> 0.1)
      railties (>= 3.2.6, < 5)
      responders
      thread_safe (~> 0.1)
      warden (~> 1.2.3)
    docile (1.1.5)
    easy_translate (0.5.0)
      json
      thread
      thread_safe
    encryptor (1.3.0)
    erubis (2.7.0)
    execjs (2.2.2)
    extlib (0.9.16)
    faraday (0.9.1)
      multipart-post (>= 1.2, < 3)
    font-awesome-sass (4.4.0)
      sass (>= 3.2)
    foreman (0.78.0)
      thor (~> 0.19.1)
    girl_friday (0.11.2)
      connection_pool (~> 1.0)
      rubinius-actor
    google-analytics-turbolinks (0.0.4)
    google-api-client (0.8.6)
      activesupport (>= 3.2)
      addressable (~> 2.3)
      autoparse (~> 0.3)
      extlib (~> 0.9)
      faraday (~> 0.9)
      googleauth (~> 0.3)
      launchy (~> 2.4)
      multi_json (~> 1.10)
      retriable (~> 1.4)
      signet (~> 0.6)
    googleauth (0.4.1)
      faraday (~> 0.9)
      jwt (~> 1.4)
      logging (~> 2.0)
      memoist (~> 0.12)
      multi_json (= 1.11)
      signet (~> 0.6)
    hashie (3.4.3)
    highline (1.7.2)
    hike (1.2.3)
    htmlentities (4.3.4)
    i18n (0.7.0)
    i18n-js (3.0.0.rc9)
      i18n (~> 0.6)
    i18n-tasks (0.7.13)
      activesupport
      easy_translate (>= 0.5.0)
      erubis
      highline
      i18n
      slop (~> 3.5)
      term-ansicolor
      terminal-table
    icalendar (2.3.0)
    iso8601 (0.8.6)
    jquery-rails (3.1.3)
      railties (>= 3.0, < 5.0)
      thor (>= 0.14, < 2.0)
    jquery-timepicker-rails (1.4.3)
      railties (>= 3.1.0)
    json (1.8.3)
    jwt (1.4.1)
    kaminari (0.16.3)
      actionpack (>= 3.0.0)
      activesupport (>= 3.0.0)
    launchy (2.4.3)
      addressable (~> 2.3)
    libv8 (3.16.14.7)
    little-plugger (1.1.3)
    logging (2.0.0)
      little-plugger (~> 1.1)
      multi_json (~> 1.10)
    mail (2.6.3)
      mime-types (>= 1.16, < 3)
    memoist (0.12.0)
    mime-types (2.6.1)
    minitest (5.8.0)
    multi_json (1.11.0)
    multipart-post (2.0.0)
    mysql2 (0.3.18)
    net-scp (1.2.1)
      net-ssh (>= 2.6.5)
    net-ssh (3.0.1)
    nprogress-rails (0.1.6.6)
    octokit (3.8.0)
      sawyer (~> 0.6.0, >= 0.5.3)
    oga (1.2.3)
      ast
      ruby-ll (~> 2.1)
    omniauth (1.2.2)
      hashie (>= 1.2, < 4)
      rack (~> 1.0)
    omniauth-shibboleth (1.2.1)
      omniauth (>= 1.0.0)
    open_uri_redirections (0.2.1)
    orm_adapter (0.5.0)
    pg (0.18.1)
    public_activity (1.4.2)
      actionpack (>= 3.0.0)
      activerecord (>= 3.0)
      i18n (>= 0.5.0)
      railties (>= 3.0.0)
    rack (1.5.5)
    rack-test (0.6.3)
      rack (>= 1.0)
    rails (4.1.12)
      actionmailer (= 4.1.12)
      actionpack (= 4.1.12)
      actionview (= 4.1.12)
      activemodel (= 4.1.12)
      activerecord (= 4.1.12)
      activesupport (= 4.1.12)
      bundler (>= 1.3.0, < 2.0)
      railties (= 4.1.12)
      sprockets-rails (~> 2.0)
    railties (4.1.12)
      actionpack (= 4.1.12)
      activesupport (= 4.1.12)
      rake (>= 0.8.7)
      thor (>= 0.18.1, < 2.0)
    rake (10.4.2)
    redcarpet (3.3.2)
    ref (1.0.5)
    responders (1.1.2)
      railties (>= 3.2, < 4.2)
    retriable (1.4.1)
    rmagick (2.15.0)
    rubinius-actor (0.0.2)
      rubinius-core-api
    rubinius-core-api (0.0.1)
    ruby-ll (2.1.2)
      ansi
      ast
    ruby-xslt (0.9.9)
    rubyzip (1.1.7)
    rvm1-capistrano3 (1.4.0)
      capistrano (~> 3.0)
      sshkit (>= 1.2)
    sass (3.4.13)
    sass-rails (5.0.3)
      railties (>= 4.0.0, < 5.0)
      sass (~> 3.1)
      sprockets (>= 2.8, < 4.0)
      sprockets-rails (>= 2.0, < 4.0)
      tilt (~> 1.1)
    sawyer (0.6.0)
      addressable (~> 2.3.5)
      faraday (~> 0.8, < 0.10)
    signet (0.6.0)
      addressable (~> 2.3)
      extlib (~> 0.9)
      faraday (~> 0.9)
      jwt (~> 1.0)
      multi_json (~> 1.10)
    simplecov (0.10.0)
      docile (~> 1.1.0)
      json (~> 1.8)
      simplecov-html (~> 0.10.0)
    simplecov-html (0.10.0)
    slop (3.6.0)
    sprockets (2.11.3)
      hike (~> 1.2)
      multi_json (~> 1.0)
      rack (~> 1.0)
      tilt (~> 1.1, != 1.3.0)
    sprockets-rails (2.3.2)
      actionpack (>= 3.0)
      activesupport (>= 3.0)
      sprockets (>= 2.8, < 4.0)
    sqlite3 (1.3.10)
    sshkit (1.7.1)
      colorize (>= 0.7.0)
      net-scp (>= 1.1.2)
      net-ssh (>= 2.8.0)
    term-ansicolor (1.3.0)
      tins (~> 1.0)
    terminal-table (1.4.5)
    therubyracer (0.12.2)
      libv8 (~> 3.16.14.0)
      ref
    thor (0.19.1)
    thread (0.2.0)
    thread_safe (0.3.5)
    tilt (1.4.1)
    tins (1.5.1)
    turbolinks (2.5.3)
      coffee-rails
    twitter-bootstrap-rails-confirm (1.0.4)
    tzinfo (1.2.2)
      thread_safe (~> 0.1)
    uglifier (2.7.2)
      execjs (>= 0.3.0)
      json (>= 1.8.0)
    video_info (2.5.0)
      addressable
      htmlentities
      iso8601
      multi_json (~> 1.11)
      oga
      open_uri_redirections
    warden (1.2.3)
      rack (>= 1.0)

PLATFORMS
  ruby

DEPENDENCIES
  airbrake
  attachable
  bootstrap-datepicker-rails
  bundler-audit
  cancancan
  capistrano-bundler
  capistrano-passenger
  capistrano-rails
  clockwork
  concerto_calendar
  concerto_docsplit
  concerto_frontend
  concerto_hardware
  concerto_iframe
  concerto_omniauth_shibboleth!
  concerto_remote_video
  concerto_simple_rss
  concerto_weather
  delayed_job_active_record
  devise (~> 3)
  execjs (~> 2.2.2)
  font-awesome-sass
  foreman
  girl_friday
  google-analytics-turbolinks (~> 0.0.4)
  i18n-js (>= 3.0.0.rc8, < 3.1.0)
  i18n-tasks (~> 0.7.10)
  jquery-rails
  jquery-timepicker-rails
  json
  kaminari
  mysql2
  nprogress-rails (~> 0.1.6.3)
  octokit
  pg
  public_activity
  rails (~> 4.1.6)
  redcarpet (~> 3.3.2)
  rmagick
  rubyzip (~> 1.1.6)
  rvm1-capistrano3
  sass-rails
  simplecov
  slop (~> 3.6.0)
  sprockets (~> 2.11.3)
  sqlite3
  therubyracer
  turbolinks
  twitter-bootstrap-rails-confirm
  uglifier (~> 2.7.2)

BUNDLED WITH
   1.10.6
