GIT
  remote: https://github.com/plataformatec/devise.git
  revision: ee69d41fc1707c5b7b2630034dc1d120b6200f56
  branch: lm-rails-4-2
  specs:
    devise (3.3.0)
      bcrypt (~> 3.0)
      orm_adapter (~> 0.1)
      railties (>= 3.2.6, < 5)
      responders
      thread_safe (~> 0.1)
      warden (~> 1.2.3)

GEM
  remote: https://rubygems.org/
  specs:
    actionmailer (4.2.0)
      actionpack (= 4.2.0)
      actionview (= 4.2.0)
      activejob (= 4.2.0)
      mail (~> 2.5, >= 2.5.4)
      rails-dom-testing (~> 1.0, >= 1.0.5)
    actionpack (4.2.0)
      actionview (= 4.2.0)
      activesupport (= 4.2.0)
      rack (~> 1.6.0)
      rack-test (~> 0.6.2)
      rails-dom-testing (~> 1.0, >= 1.0.5)
      rails-html-sanitizer (~> 1.0, >= 1.0.1)
    actionview (4.2.0)
      activesupport (= 4.2.0)
      builder (~> 3.1)
      erubis (~> 2.7.0)
      rails-dom-testing (~> 1.0, >= 1.0.5)
      rails-html-sanitizer (~> 1.0, >= 1.0.1)
    activejob (4.2.0)
      activesupport (= 4.2.0)
      globalid (>= 0.3.0)
    activemodel (4.2.0)
      activesupport (= 4.2.0)
      builder (~> 3.1)
    activerecord (4.2.0)
      activemodel (= 4.2.0)
      activesupport (= 4.2.0)
      arel (~> 6.0)
    activesupport (4.2.0)
      i18n (~> 0.7)
      json (~> 1.7, >= 1.7.7)
      minitest (~> 5.1)
      thread_safe (~> 0.3, >= 0.3.4)
      tzinfo (~> 1.1)
    addressable (2.3.6)
    airbrake (4.1.0)
      builder
      multi_json
    arel (6.0.0)
    attachable (0.0.5)
    autoparse (0.3.3)
      addressable (>= 2.3.1)
      extlib (>= 0.9.15)
      multi_json (>= 1.0.0)
    bcrypt (3.1.7)
    bootstrap-datepicker-rails (1.3.0.2)
      railties (>= 3.0)
    builder (3.2.2)
    bundler-audit (0.3.1)
      bundler (~> 1.2)
      thor (~> 0.18)
    cancancan (1.9.2)
    clockwork (0.7.7)
      activesupport
      tzinfo
    coffee-rails (4.1.0)
      coffee-script (>= 2.2.0)
      railties (>= 4.0.0, < 5.0)
    coffee-script (2.3.0)
      coffee-script-source
      execjs
    coffee-script-source (1.8.0)
    concerto_calendar (0.0.7)
      google-api-client
      icalendar
      rails
    concerto_docsplit (0.7.5)
    concerto_hardware (0.2)
      rails
    concerto_iframe (0.0.5)
      rails
    concerto_remote_video (0.3)
      rails
    concerto_simple_rss (0.6)
      rails
      ruby-xslt (~> 0.9)
    concerto_weather (0.0.8)
      rails
    connection_pool (1.2.0)
    delayed_job (4.0.6)
      activesupport (>= 3.0, < 5.0)
    delayed_job_active_record (4.0.3)
      activerecord (>= 3.0, < 5.0)
      delayed_job (>= 3.0, < 4.1)
    docile (1.1.5)
    dotenv (0.11.1)
      dotenv-deployment (~> 0.0.2)
    dotenv-deployment (0.0.2)
    easy_translate (0.5.0)
      json
      thread
      thread_safe
    erubis (2.7.0)
    execjs (2.2.2)
    extlib (0.9.16)
    faraday (0.9.0)
      multipart-post (>= 1.2, < 3)
    foreman (0.71.0)
      dotenv (~> 0.11.1)
      thor (~> 0.19.1)
    girl_friday (0.11.2)
      connection_pool (~> 1.0)
      rubinius-actor
    globalid (0.3.0)
      activesupport (>= 4.1.0)
    google-analytics-turbolinks (0.0.4)
    google-api-client (0.7.1)
      addressable (>= 2.3.2)
      autoparse (>= 0.3.3)
      extlib (>= 0.9.15)
      faraday (>= 0.9.0)
      jwt (>= 0.1.5)
      launchy (>= 2.1.1)
      multi_json (>= 1.0.0)
      retriable (>= 1.4)
      signet (>= 0.5.0)
      uuidtools (>= 2.1.0)
    highline (1.6.21)
    hike (1.2.3)
    i18n (0.7.0)
    i18n-tasks (0.4.5)
      activesupport
      easy_translate (>= 0.5.0)
      erubis
      highline
      slop (>= 3.5.0)
      term-ansicolor
      terminal-table
    icalendar (2.2.0)
    jquery-rails (3.1.2)
      railties (>= 3.0, < 5.0)
      thor (>= 0.14, < 2.0)
    jquery-timepicker-rails (1.3.8.1)
      railties (>= 3.1.0)
    json (1.8.1)
    jwt (1.0.0)
    kaminari (0.16.1)
      actionpack (>= 3.0.0)
      activesupport (>= 3.0.0)
    launchy (2.4.2)
      addressable (~> 2.3)
    libv8 (3.16.14.7)
    loofah (2.0.1)
      nokogiri (>= 1.5.9)
    mail (2.6.3)
      mime-types (>= 1.16, < 3)
    mime-types (2.4.3)
    mini_portile (0.6.1)
    minitest (5.5.0)
    multi_json (1.10.1)
    multipart-post (2.0.0)
    nokogiri (1.6.5)
      mini_portile (~> 0.6.0)
    nprogress-rails (0.1.6.3)
    orm_adapter (0.5.0)
    public_activity (1.4.2)
      actionpack (>= 3.0.0)
      activerecord (>= 3.0)
      i18n (>= 0.5.0)
      railties (>= 3.0.0)
    rack (1.6.0)
    rack-test (0.6.2)
      rack (>= 1.0)
    rails (4.2.0)
      actionmailer (= 4.2.0)
      actionpack (= 4.2.0)
      actionview (= 4.2.0)
      activejob (= 4.2.0)
      activemodel (= 4.2.0)
      activerecord (= 4.2.0)
      activesupport (= 4.2.0)
      bundler (>= 1.3.0, < 2.0)
      railties (= 4.2.0)
      sprockets-rails
    rails-deprecated_sanitizer (1.0.3)
      activesupport (>= 4.2.0.alpha)
    rails-dom-testing (1.0.5)
      activesupport (>= 4.2.0.beta, < 5.0)
      nokogiri (~> 1.6.0)
      rails-deprecated_sanitizer (>= 1.0.1)
    rails-html-sanitizer (1.0.1)
      loofah (~> 2.0)
    railties (4.2.0)
      actionpack (= 4.2.0)
      activesupport (= 4.2.0)
      rake (>= 0.8.7)
      thor (>= 0.18.1, < 2.0)
    rake (10.4.2)
    redcarpet (3.2.1)
    ref (1.0.5)
    responders (2.0.0)
      railties (>= 4.2.0.alpha, < 5)
    retriable (1.4.1)
    rmagick (2.13.3)
    rubinius-actor (0.0.2)
      rubinius-core-api
    rubinius-core-api (0.0.1)
    ruby-xslt (0.9.9)
    rubyzip (1.1.6)
    sass (3.4.5)
    sass-rails (5.0.0.beta1)
      railties (>= 4.0.0, < 5.0)
      sass (~> 3.2)
      sprockets (~> 2.12)
      sprockets-rails (>= 2.0, < 4.0)
    signet (0.5.1)
      addressable (>= 2.2.3)
      faraday (>= 0.9.0.rc5)
      jwt (>= 0.1.5)
      multi_json (>= 1.0.0)
    simplecov (0.8.2)
      docile (~> 1.1.0)
      multi_json
      simplecov-html (~> 0.8.0)
    simplecov-html (0.8.0)
    slop (3.6.0)
    sprockets (2.12.3)
      hike (~> 1.2)
      multi_json (~> 1.0)
      rack (~> 1.0)
      tilt (~> 1.1, != 1.3.0)
    sprockets-rails (2.2.2)
      actionpack (>= 3.0)
      activesupport (>= 3.0)
      sprockets (>= 2.8, < 4.0)
    sqlite3 (1.3.9)
    term-ansicolor (1.3.0)
      tins (~> 1.0)
    terminal-table (1.4.5)
    therubyracer (0.12.1)
      libv8 (~> 3.16.14.0)
      ref
    thor (0.19.1)
    thread (0.1.4)
    thread_safe (0.3.4)
    tilt (1.4.1)
    tins (1.3.3)
    turbolinks (2.2.3)
      coffee-rails
    twitter-bootstrap-rails-confirm (1.0.3)
    tzinfo (1.2.2)
      thread_safe (~> 0.1)
    uglifier (2.5.3)
      execjs (>= 0.3.0)
      json (>= 1.8.0)
    uuidtools (2.1.5)
    warden (1.2.3)
      rack (>= 1.0)

PLATFORMS
  ruby

DEPENDENCIES
  airbrake
  attachable (~> 0.0.5)
  bootstrap-datepicker-rails (~> 1.3.0.2)
  bundler-audit
  cancancan (~> 1.9.2)
  clockwork (~> 0.7.5)
  concerto_calendar
  concerto_docsplit
  concerto_hardware
  concerto_iframe
  concerto_remote_video
  concerto_simple_rss
  concerto_weather
  delayed_job_active_record (~> 4.0.1)
  devise!
  execjs (~> 2.2.0)
  foreman (~> 0.71.0)
  girl_friday
  google-analytics-turbolinks (~> 0.0.4)
  i18n-tasks (~> 0.4.5)
  jquery-rails (~> 3.1.0)
  jquery-timepicker-rails (~> 1.3.8.1)
  json (~> 1.8.1)
  kaminari (~> 0.16.1)
  mysql2
  nprogress-rails (~> 0.1.6.3)
  pg
  public_activity (~> 1.4.1)
  rails (~> 4.2.0)
  redcarpet (~> 3.2.0)
  rmagick (~> 2.13.3)
  rubyzip
  sass-rails (~> 5.0.0.beta1)
  simplecov (~> 0.8.2)
  sprockets (~> 2.12.0)
  sqlite3 (~> 1.3.9)
  therubyracer (~> 0.12.1)
  turbolinks (~> 2.2.2)
  twitter-bootstrap-rails-confirm (~> 1.0.3)
  uglifier (~> 2.5.0)
